PATH
  remote: /Users/davidnghiem/work/alox-gandalf
  specs:
    alox-gandalf (0.0.9)

GEM
  remote: https://rubygems.org/
  specs:
    alox (0.0.8)
    alox-jason (0.0.30)

PLATFORMS
  ruby

DEPENDENCIES
  alox
  alox-gandalf!
  alox-jason
